PATH
  remote: .
  specs:
    truncato (0.7.0)

GEM
  remote: http://rubygems.org/
  specs:
    diff-lcs (1.1.3)
    git (1.2.5)
    html_truncator (0.3.0)
      nokogiri (~> 1.4)
    htmlentities (4.3.1)
    jeweler (1.8.4)
      bundler (~> 1.0)
      git (>= 1.2.5)
      rake
      rdoc
    json (1.7.5)
    nokogiri (1.5.5)
    rake (0.9.2.2)
    rdoc (3.12)
      json (~> 1.4)
    rspec (2.11.0)
      rspec-core (~> 2.11.0)
      rspec-expectations (~> 2.11.0)
      rspec-mocks (~> 2.11.0)
    rspec-core (2.11.1)
    rspec-expectations (2.11.3)
      diff-lcs (~> 1.1.3)
    rspec-mocks (2.11.3)

PLATFORMS
  ruby

DEPENDENCIES
  bundler (~> 1.2.1)
  html_truncator
  htmlentities (~> 4.3.1)
  jeweler (~> 1.8.4)
  nokogiri (~> 1.5.5)
  rspec (~> 2.11.0)
  truncato!
